GEM
  remote: https://rubygems.org/
  specs:
    google-protobuf (3.6.1)
    googleapis-common-protos-types (1.0.2)
      google-protobuf (~> 3.0)
    grpc (1.16.0)
      google-protobuf (~> 3.1)
      googleapis-common-protos-types (~> 1.0.0)
    puma (3.12.0)
    rack (2.0.6)
    rack-lightning (0.1.1)
      grpc (>= 1.16.0)
      rack

PLATFORMS
  ruby

DEPENDENCIES
  puma
  rack-lightning

BUNDLED WITH
   1.17.1
